GEM
  remote: https://rubygems.org/
  specs:
    activesupport (4.2.10)
      i18n (~> 0.7)
      minitest (~> 5.1)
      thread_safe (~> 0.3, >= 0.3.4)
      tzinfo (~> 1.1)
    async_sinatra (1.1.0)
      rack (>= 1.4.1)
      sinatra (>= 1.3.2)
    coffee-script (2.2.0)
      coffee-script-source
      execjs
    coffee-script-source (1.12.2)
    crass (1.0.4)
    curb (0.8.8)
    daemons (1.2.6)
    eventmachine (1.2.6)
    execjs (2.7.0)
    ffi (1.9.23)
    i18n (0.7.0)
    json (1.8.6)
    kramdown (1.14.0)
    listen (1.3.1)
      rb-fsevent (>= 0.9.3)
      rb-inotify (>= 0.9)
      rb-kqueue (>= 0.2)
    maruku (0.7.3)
    mime-types (2.99.3)
    mini_portile2 (2.3.0)
    minitest (5.11.3)
    msgpack (1.2.4)
    multi_json (1.13.1)
    netrc (0.11.0)
    nokogiri (1.8.2)
      mini_portile2 (~> 2.3.0)
    nokogumbo (1.4.13)
      nokogiri
    polytexnic (1.4.1)
      json (~> 1.8.1)
      kramdown (~> 1.14.0)
      msgpack (~> 1.2.0)
      nokogiri (~> 1.8.1)
      pygments.rb (~> 1.2.1)
    pygments.rb (1.2.1)
      multi_json (>= 1.0.0)
    rack (1.6.10)
    rack-protection (1.5.5)
      rack
    rb-fsevent (0.9.8)
    rb-inotify (0.9.10)
      ffi (>= 0.5.0, < 2)
    rb-kqueue (0.2.5)
      ffi (>= 0.5.0)
    rest-client (1.7.3)
      mime-types (>= 1.16, < 3.0)
      netrc (~> 0.7)
    ruby-progressbar (1.4.2)
    sanitize (4.0.1)
      crass (~> 1.0.2)
      nokogiri (>= 1.4.4)
      nokogumbo (~> 1.4.1)
    sinatra (1.4.8)
      rack (~> 1.5)
      rack-protection (~> 1.4)
      tilt (>= 1.3, < 3)
    sinatra-respond_to (0.9.0)
      sinatra (~> 1.3)
    softcover (1.5.1)
      activesupport (~> 4.2.3)
      async_sinatra (~> 1.1.0)
      coffee-script (~> 2.2.0)
      curb (~> 0.8.5)
      i18n (~> 0.7.0)
      kramdown (~> 1.14.0)
      listen (~> 1.3.1)
      maruku (~> 0.7.1)
      msgpack (~> 1.2.0)
      nokogiri (~> 1.8.1)
      polytexnic (~> 1.4.0)
      pygments.rb (~> 1.2.1)
      rb-fsevent (~> 0.9.3)
      rest-client (~> 1.7.3)
      ruby-progressbar (~> 1.4.2)
      sanitize (~> 4.0.1)
      sinatra (~> 1.4.4)
      sinatra-respond_to (~> 0.9.0)
      thin (~> 1.6.1)
      thor (~> 0.18.1)
    thin (1.6.4)
      daemons (~> 1.0, >= 1.0.9)
      eventmachine (~> 1.0, >= 1.0.4)
      rack (~> 1.0)
    thor (0.18.1)
    thread_safe (0.3.6)
    tilt (2.0.8)
    tzinfo (1.2.5)
      thread_safe (~> 0.1)

PLATFORMS
  ruby

DEPENDENCIES
  softcover (~> 1.5)

BUNDLED WITH
   1.16.1
